GEM
  remote: https://rubygems.org/
  specs:
    parallel (1.26.3)

PLATFORMS
  ruby

DEPENDENCIES
  parallel (= 1.26.3)

BUNDLED WITH
   2.5.3
