GEM
  remote: https://rubygems.org/
  specs:
    parallel (1.25.1)

PLATFORMS
  ruby

DEPENDENCIES
  parallel (= 1.25.1)

BUNDLED WITH
   2.5.3
